PATH
  remote: .
  specs:
    bundler-test-gem1 (0.0.1)
      git (~> 1.2)

GEM
  remote: https://rubygems.org/
  specs:
    git (1.3.0)

PLATFORMS
  ruby

DEPENDENCIES
  bundler-test-gem1!

BUNDLED WITH
   1.14.6
